GEM
  remote: https://rubygems.org/
  specs:
    gda (1.1.0)

PLATFORMS
  ruby

DEPENDENCIES
  gda

BUNDLED WITH
   2.0.1
